GEM
  remote: http://rubygems.org/
  specs:
    daemons (1.1.9)
    dotenv (0.7.0)
    eventmachine (1.0.3)
    foreman (0.63.0)
      dotenv (>= 0.7)
      thor (>= 0.13.6)
    rack (1.5.2)
    rack-protection (1.5.0)
      rack
    sinatra (1.4.2)
      rack (~> 1.5, >= 1.5.2)
      rack-protection (~> 1.4)
      tilt (~> 1.3, >= 1.3.4)
    thin (1.5.1)
      daemons (>= 1.0.9)
      eventmachine (>= 0.12.6)
      rack (>= 1.0.0)
    thor (0.18.1)
    tilt (1.3.7)

PLATFORMS
  ruby

DEPENDENCIES
  foreman
  rack
  sinatra
  thin
